GEM
  remote: https://rubygems.org/
  specs:
    addressable (2.3.6)
    commonjs (0.2.7)
    excon (0.39.6)
    font-awesome-less (4.2.0)
      less (~> 2.4.0)
    heroku (3.10.3)
      heroku-api (~> 0.3.19)
      launchy (>= 0.3.2)
      netrc (~> 0.7.7)
      rest-client (= 1.6.7)
      rubyzip (= 0.9.9)
    heroku-api (0.3.19)
      excon (~> 0.38)
      multi_json (~> 1.8)
    launchy (2.4.2)
      addressable (~> 2.3)
    less (2.4.0)
      commonjs (~> 0.2.7)
    mime-types (2.3)
    multi_json (1.10.1)
    netrc (0.7.7)
    rack (1.5.2)
    rack-protection (1.5.3)
      rack
    rest-client (1.6.7)
      mime-types (>= 1.16)
    rubyzip (0.9.9)
    sinatra (1.4.5)
      rack (~> 1.4)
      rack-protection (~> 1.4)
      tilt (~> 1.3, >= 1.3.4)
    tilt (1.4.1)

PLATFORMS
  ruby

DEPENDENCIES
  font-awesome-less
  heroku
  sinatra
